STORAGE: NONE
RESTRICTION: == net8.0
NUGET
  remote: https://api.nuget.org/v3/index.json
    BenchmarkDotNet (0.13.12)
      BenchmarkDotNet.Annotations (>= 0.13.12)
      CommandLineParser (>= 2.9.1)
      Gee.External.Capstone (>= 2.3)
      Iced (>= 1.17)
      Microsoft.CodeAnalysis.CSharp (>= 4.1)
      Microsoft.Diagnostics.Runtime (>= 2.2.332302)
      Microsoft.Diagnostics.Tracing.TraceEvent (>= 3.0.2)
      Microsoft.DotNet.PlatformAbstractions (>= 3.1.6)
      Perfolizer (0.2.1)
      System.Management (>= 5.0)
    BenchmarkDotNet.Annotations (0.13.12)
    CommandLineParser (2.9.1)
    FSharp.Core (8.0.100)
    FsToolkit.ErrorHandling (4.14)
      FSharp.Core (>= 7.0.300)
    Gee.External.Capstone (2.3)
    Iced (1.21)
    Microsoft.CodeAnalysis.Analyzers (3.3.4)
    Microsoft.CodeAnalysis.Common (4.10)
      Microsoft.CodeAnalysis.Analyzers (>= 3.3.4)
      System.Collections.Immutable (>= 8.0)
      System.Reflection.Metadata (>= 8.0)
    Microsoft.CodeAnalysis.CSharp (4.10)
      Microsoft.CodeAnalysis.Analyzers (>= 3.3.4)
      Microsoft.CodeAnalysis.Common (4.10)
      System.Collections.Immutable (>= 8.0)
      System.Reflection.Metadata (>= 8.0)
    Microsoft.Diagnostics.NETCore.Client (0.2.532401)
      Microsoft.Extensions.Logging.Abstractions (>= 6.0.4)
    Microsoft.Diagnostics.Runtime (3.1.512801)
      Microsoft.Diagnostics.NETCore.Client (>= 0.2.410101)
    Microsoft.Diagnostics.Tracing.TraceEvent (3.1.13)
      Microsoft.Win32.Registry (>= 5.0)
      System.Collections.Immutable (>= 8.0)
      System.Reflection.Metadata (>= 8.0)
      System.Reflection.TypeExtensions (>= 4.7)
      System.Runtime.CompilerServices.Unsafe (>= 6.0)
    Microsoft.DotNet.PlatformAbstractions (3.1.6)
    Microsoft.Extensions.DependencyInjection.Abstractions (8.0.1)
    Microsoft.Extensions.Logging.Abstractions (8.0.1)
      Microsoft.Extensions.DependencyInjection.Abstractions (>= 8.0.1)
    Microsoft.Win32.Registry (5.0)
      System.Security.AccessControl (>= 5.0)
      System.Security.Principal.Windows (>= 5.0)
    Perfolizer (0.2.1)
      System.Memory (>= 4.5.3)
    System.CodeDom (8.0)
    System.Collections.Immutable (8.0)
    System.Management (8.0)
      System.CodeDom (>= 8.0)
    System.Memory (4.5.5)
    System.Reflection.Metadata (8.0)
      System.Collections.Immutable (>= 8.0)
    System.Reflection.TypeExtensions (4.7)
    System.Runtime.CompilerServices.Unsafe (6.0)
    System.Security.AccessControl (6.0.1)
    System.Security.Principal.Windows (5.0)
